GIT
***REMOVED***
  revision: 96d02ff0f899e5b9ffc9444376ab6cd765d4aff1
  specs:
    service_utilities (0.0.0)
      activemodel
      anujdas-thrift-validator
      connection_pool
      dogstatsd-ruby
      faraday (~> 0.9, < 0.15)
      faraday_middleware
      oj
      rake
      thrift (~> 0.9)
      thrift_shop

GIT
***REMOVED***
  revision: a450edca8aa0f27e1a934d650353034736b83397
  specs:
    thrift_shop (0.0.1)
      thrift

GIT
  remote: https://github.com/thoughtbot/shoulda-matchers.git
  revision: e35f083b88c5fbccd319cd4fcfff57ceae6076f2
  specs:
    shoulda-matchers (3.1.2)
      activesupport (>= 4.2.0)

GEM
***REMOVED***
  specs:
    activemodel (5.1.6)
      activesupport (= 5.1.6)
    activerecord (5.1.6)
      activemodel (= 5.1.6)
      activesupport (= 5.1.6)
      arel (~> 8.0)
    activesupport (5.1.6)
      concurrent-ruby (~> 1.0, >= 1.0.2)
      i18n (>= 0.7, < 2)
      minitest (~> 5.1)
      tzinfo (~> 1.1)
    anujdas-thrift-validator (0.2.0)
      thrift (~> 0.9)
    arel (8.0.0)
    ast (2.4.0)
    byebug (10.0.2)
    childprocess (0.9.0)
      ffi (~> 1.0, >= 1.0.11)
    coderay (1.1.2)
    concurrent-ruby (1.0.5)
    configatron (4.5.1)
    connection_pool (2.2.2)
    diff-lcs (1.3)
    dogstatsd-ruby (3.3.0)
    dotenv (2.2.1)
    factory_bot (4.8.2)
      activesupport (>= 3.0.0)
    faraday (0.14.0)
      multipart-post (>= 1.2, < 3)
    faraday_middleware (0.12.2)
      faraday (>= 0.7.4, < 1.0)
    ffi (1.9.23)
    i18n (1.0.1)
      concurrent-ruby (~> 1.0)
    iniparse (1.4.4)
    method_source (0.9.0)
    minitest (5.11.3)
    multipart-post (2.0.0)
    mysql2 (0.5.0)
    mysql_online_migrations (1.0.3)
      activerecord (>= 3.2.15)
      activesupport (>= 3.2.15)
      mysql2
    oj (3.6.5)
    overcommit (0.44.0)
      childprocess (~> 0.6, >= 0.6.3)
      iniparse (~> 1.4)
    parallel (1.12.1)
    paranoia (2.4.0)
      activerecord (>= 4.0, < 5.2)
    parser (2.5.0.5)
      ast (~> 2.4.0)
    powerpack (0.1.1)
    pry (0.11.3)
      coderay (~> 1.1.0)
      method_source (~> 0.9.0)
    pry-byebug (3.6.0)
      byebug (~> 10.0)
      pry (~> 0.10)
    rainbow (3.0.0)
    rake (12.3.1)
    rspec (3.7.0)
      rspec-core (~> 3.7.0)
      rspec-expectations (~> 3.7.0)
      rspec-mocks (~> 3.7.0)
    rspec-core (3.7.1)
      rspec-support (~> 3.7.0)
    rspec-expectations (3.7.0)
      diff-lcs (>= 1.2.0, < 2.0)
      rspec-support (~> 3.7.0)
    rspec-mocks (3.7.0)
      diff-lcs (>= 1.2.0, < 2.0)
      rspec-support (~> 3.7.0)
    rspec-support (3.7.1)
    rubocop (0.54.0)
      parallel (~> 1.10)
      parser (>= 2.5)
      powerpack (~> 0.1)
      rainbow (>= 2.2.2, < 4.0)
      ruby-progressbar (~> 1.7)
      unicode-display_width (~> 1.0, >= 1.0.1)
    ruby-progressbar (1.9.0)
    sentry-raven (2.7.2)
      faraday (>= 0.7.6, < 1.0)
    skylight (1.4.4)
      activesupport (>= 3.0.0)
    thread_safe (0.3.6)
    thrift (0.11.0.0)
    timecop (0.9.1)
    tzinfo (1.2.5)
      thread_safe (~> 0.1)
    unicode-display_width (1.1.3)

PLATFORMS
  ruby

DEPENDENCIES
  activemodel
  activerecord
  activesupport
  configatron
  dogstatsd-ruby
  dotenv
  factory_bot
  mysql2
  mysql_online_migrations
  overcommit
  paranoia
  pry-byebug
  rake
  rspec
  rubocop
  sentry-raven
  service_utilities!
  shoulda-matchers!
  skylight (~> 1.4.4)
  thrift
  thrift_shop!
  timecop

BUNDLED WITH
   1.16.2
